PATH
  remote: .
  specs:
    librato-metrics-memcached (0.0.1)
      librato-metrics (~> 1.1.1)
      memcached (~> 1.4.1)
      trollop (~> 1.16.2)
      yajl-ruby (~> 1.1.0)

GEM
  remote: http://rubygems.org/
  specs:
    aggregate (0.2.2)
    faraday (0.8.8)
      multipart-post (~> 1.2.0)
    json (1.6.6)
    librato-metrics (1.1.1)
      aggregate (~> 0.2.2)
      faraday (~> 0.7)
      multi_json
    memcached (1.4.6)
    multi_json (1.8.2)
    multipart-post (1.2.0)
    rake (0.9.2.2)
    rdoc (3.12)
      json (~> 1.4)
    shoulda (3.0.1)
      shoulda-context (~> 1.0.0)
      shoulda-matchers (~> 1.0.0)
    shoulda-context (1.0.0)
    shoulda-matchers (1.0.0)
    trollop (1.16.2)
    yajl-ruby (1.1.0)

PLATFORMS
  ruby

DEPENDENCIES
  librato-metrics-memcached!
  rake
  rdoc (~> 3.12)
  shoulda
